PATH
  remote: .
  specs:
    Yafirst (0.0.1)

GEM
  remote: https://rubygems.org/
  specs:
    rake (10.0.4)

PLATFORMS
  ruby

DEPENDENCIES
  Yafirst!
  bundler (~> 1.3)
  rake
